GEM
  remote: https://rubygems.org/
  specs:
    nokogiri (1.5.6)
    ruby-progressbar (1.0.2)

PLATFORMS
  ruby

DEPENDENCIES
  nokogiri
  ruby-progressbar
